GEM
  remote: https://rubygems.org/
  specs:
    activesupport (4.1.4)
      i18n (~> 0.6, >= 0.6.9)
      json (~> 1.7, >= 1.7.7)
      minitest (~> 5.1)
      thread_safe (~> 0.1)
      tzinfo (~> 1.1)
    capybara (2.1.0)
      mime-types (>= 1.16)
      nokogiri (>= 1.3.3)
      rack (>= 1.0.0)
      rack-test (>= 0.5.4)
      xpath (~> 2.0)
    cliver (0.2.2)
    coderay (1.1.0)
    i18n (0.6.11)
    iron_core (1.0.4)
      rest (>= 2.6.4)
    iron_worker_ng (1.5.0)
      bundler
      iron_core (>= 1.0.0)
      rubyzip (= 0.9.9)
    json (1.8.1)
    method_source (0.8.2)
    mime-types (2.3)
    minitest (5.4.0)
    multi_json (1.10.1)
    net-http-persistent (2.9.4)
    netrc (0.7.7)
    nokogiri (1.5.11)
    phantomjs (1.9.7.1)
    poltergeist (1.4.1)
      capybara (~> 2.1.0)
      cliver (~> 0.2.1)
      multi_json (~> 1.0)
      websocket-driver (>= 0.2.0)
    pry (0.10.0)
      coderay (~> 1.1.0)
      method_source (~> 0.8.1)
      slop (~> 3.4)
    rack (1.5.2)
    rack-test (0.6.2)
      rack (>= 1.0)
    rest (2.7.1)
      net-http-persistent (>= 2.9.1)
      rest_client (>= 1.7.1)
    rest-client (1.6.7)
      mime-types (>= 1.16)
    rest_client (1.7.3)
      netrc (~> 0.7.7)
    rubyzip (0.9.9)
    slop (3.6.0)
    thread_safe (0.3.4)
    tzinfo (1.2.1)
      thread_safe (~> 0.1)
    websocket-driver (0.3.0)
    xpath (2.0.0)
      nokogiri (~> 1.3)

PLATFORMS
  ruby

DEPENDENCIES
  activesupport
  capybara
  iron_worker_ng
  nokogiri (~> 1.5.9)
  phantomjs
  poltergeist
  pry
  rest-client
